PATH
  remote: ../gcm_helper
  specs:
    gcm_helper (0.1.0)

GEM
  remote: http://rubygems.org/
  specs:

PLATFORMS
  ruby

DEPENDENCIES
  gcm_helper!
